GEM
  remote: https://rubygems.org/
  specs:
    rack (1.5.2)
    rack-protection (1.5.3)
      rack
    random-word-generator (0.0.1)
      sqlite3-ruby (>= 1.2.1)
    redis (3.1.0)
    sinatra (1.4.5)
      rack (~> 1.4)
      rack-protection (~> 1.4)
      tilt (~> 1.3, >= 1.3.4)
    sqlite3 (1.3.9)
    sqlite3-ruby (1.3.3)
      sqlite3 (>= 1.3.3)
    tilt (1.4.1)

PLATFORMS
  ruby

DEPENDENCIES
  random-word-generator
  redis
  sinatra
